PATH
  remote: .
  specs:
    jquerypp-rails (1.0)

GEM
  remote: http://rubygems.org/
  specs:

PLATFORMS
  ruby

DEPENDENCIES
  jquerypp-rails!
